NUGET
  remote: https://nuget.org/api/v2
  specs:
    Akka (1.0.0) - framework: >= net45
      Newtonsoft.Json (>= 6.0.8)
    Akka.Cluster (1.0.0-pre1504092226) - framework: >= net45
      Akka.Remote (>= 1.0.0)
      Google.ProtocolBuffers (>= 2.4.1.521)
      Microsoft.Bcl.Immutable (>= 1.0.34)
    Akka.Logger.NLog (1.0.0) - framework: >= net45
      Akka (>= 1.0.0)
      NLog (>= 3.0.0.0)
    Akka.Remote (1.0.0) - framework: >= net45
      Akka (>= 1.0.0)
      Google.ProtocolBuffers (>= 2.4.1.521)
      Helios (>= 1.4.0)
    FAKE (3.31.2)
    Google.ProtocolBuffers (2.4.1.521) - framework: >= net45
    Helios (1.4.0) - framework: >= net45
    Microsoft.Bcl.Immutable (1.0.34) - framework: >= net45
    Newtonsoft.Json (6.0.8) - framework: >= net45
    NLog (3.1.0.0) - framework: >= net45
    Topshelf (3.1.4) - framework: >= net45
    Topshelf.NLog (3.1.4) - framework: >= net45
      NLog (>= 3.1.0)
      Topshelf (>= 3.1.4)
